GIT
  remote: https://github.com/instructure/test-queue.git
  revision: d35166408df3a5396cd809e85dcba175136a69ba
  ref: d35166408df3a5396cd809e85dcba175136a69ba
  specs:
    test-queue (0.2.13)

GIT
  remote: https://github.com/kreynolds/cassandra-cql.git
  revision: 02b5abbe441a345c051a180327932566fd66bb36
  ref: 02b5abbe441a345c051a180327932566fd66bb36
  specs:
    cassandra-cql (1.2.3)
      simple_uuid (>= 0.2.0)
      thrift_client (>= 0.7.1, < 0.10)

GIT
  remote: https://github.com/rails-api/active_model_serializers.git
  revision: 61882e1e4127facfe92e49057aec71edbe981829
  ref: 61882e1e4127facfe92e49057aec71edbe981829
  specs:
    active_model_serializers (0.9.0.alpha1)
      activemodel (>= 3.2)

GIT
  remote: https://github.com/twitter/thrift_client.git
  revision: 5c10d59881825cb8e26ab1aa8f1d2738e88c0e83
  ref: 5c10d59881825cb8e26ab1aa8f1d2738e88c0e83
  specs:
    thrift_client (0.9.3)
      thrift (~> 0.9.0)

PATH
  remote: gems/canvas_cassandra
  specs:
    canvas_cassandra (0.0.1)
      cassandra-cql (~> 1.2.2)

PATH
  remote: gems/i18n_extraction
  specs:
    i18n_extraction (0.0.1)
      activesupport (>= 3.2)
      i18nliner (~> 0.1)
      ruby_parser (~> 3.7)
      sexp_processor (~> 4.14, >= 4.14.1)

PATH
  remote: gems/i18n_tasks
  specs:
    i18n_tasks (0.0.1)
      activesupport (>= 3.2)
      i18n (>= 0.7, < 2)
      i18n_extraction
      ruby_parser (~> 3.7)
      utf8_cleaner

PATH
  remote: gems/plugins/academic_benchmark
  specs:
    academic_benchmark (1.1.0)
      academic_benchmarks (~> 0.0)
      rails (>= 3.2)

PATH
  remote: gems/plugins/account_reports
  specs:
    account_reports (1.1.0)
      rails (>= 3.2)

PATH
  remote: gems/plugins/moodle_importer
  specs:
    moodle_importer (1.0.0)
      moodle2cc (= 0.2.41)
      rails (>= 3.2)

PATH
  remote: gems/plugins/qti_exporter
  specs:
    qti_exporter (1.0.0)
      rails (>= 3.2)

PATH
  remote: gems/plugins/respondus_soap_endpoint
  specs:
    respondus_soap_endpoint (1.1.0)
      rails (>= 3.2)
      soap4r-middleware (= 0.8.7)
      soap4r-ruby1.9 (= 2.0.5)

PATH
  remote: gems/plugins/simply_versioned
  specs:
    simply_versioned (1.0.0)
      rails (>= 3.2)

PATH
  remote: gems/rubocop-canvas
  specs:
    rubocop-canvas (1.0.0)
      jira_ref_parser (= 1.0.1)
      rubocop (~> 0.52.0)

PATH
  remote: gems/selinimum
  specs:
    selinimum (0.0.1)
      activerecord (>= 3.2)
      activesupport (>= 3.2)
      aws-sdk-s3 (= 1.60.2)
      globby (>= 0.1.2)

PATH
  remote: gems
  specs:
    activesupport-suspend_callbacks (0.0.1)
      activesupport (>= 3.2)
    acts_as_list (0.0.1)
      rails (>= 3.2)
    adheres_to_policy (0.0.1)
      rails (>= 3.2)
    attachment_fu (1.0.0)
      rails (>= 3.2)
    autoextend (1.0.0)
    bookmarked_collection (1.0.0)
      folio-pagination (~> 0.0.12)
      json_token
      paginated_collection
      rails (>= 3.2)
      will_paginate (~> 3.0)
    broadcast_policy (1.0.0)
      activesupport
      after_transaction_commit
    canvas_breach_mitigation (0.0.1)
    canvas_color (0.0.1)
    canvas_crummy (0.0.1)
    canvas_dynamodb (0.0.1)
      aws-sdk-applicationautoscaling (~> 1.26)
      aws-sdk-dynamodb (~> 1.32)
    canvas_ext (1.0.0)
      activesupport (>= 3.2)
      tzinfo
    canvas_http (1.0.0)
      multipart
    canvas_kaltura (1.0.0)
      canvas_http
      canvas_slug
      canvas_sort
      multipart
      nokogiri
    canvas_mimetype_fu (0.0.1)
    canvas_panda_pub (1.0.0)
      canvas_http
      json-jwt (~> 1.10)
    canvas_partman (2.0.0)
      activerecord (>= 3.2)
      pg (>= 0.17, < 2.0)
    canvas_quiz_statistics (0.1.0)
      activesupport
      html_text_helper
    canvas_sanitize (0.0.1)
      sanitize (= 2.1.1)
    canvas_slug (0.0.1)
    canvas_sort (1.0.0)
    canvas_stringex (0.0.1)
      rails (>= 3.2)
    canvas_text_helper (0.0.1)
      i18n
    canvas_time (1.0.0)
      activesupport (>= 3.2)
      tzinfo
    canvas_unzip (0.0.1)
      canvas_mimetype_fu
      rubyzip (~> 2.0)
    diigo (1.0.0)
      nokogiri
    event_stream (0.0.1)
      bookmarked_collection
      canvas_cassandra
      inst_statsd
      json_token
      paginated_collection
      rails (>= 4.2)
    google_drive (1.0.0)
      faraday (= 0.15.4)
      google-api-client (= 0.8.2)
      rails (>= 3.2)
    html_text_helper (0.0.1)
      activesupport (>= 3.2)
      canvas_text_helper
      iconv (~> 1.0)
      nokogiri
      sanitize (~> 2.1.0)
    incoming_mail_processor (0.0.1)
      activesupport (>= 3.2)
      aws-sdk-s3
      aws-sdk-sqs
      html_text_helper
      inst_statsd
      mail (~> 2.7.0)
      utf8_cleaner
    json_token (0.0.1)
      json
    linked_in (1.0.0)
      nokogiri
      oauth
    live_events (1.0.0)
      activesupport
      aws-sdk-kinesis
      inst_statsd
    lti-advantage (0.1.0)
      activemodel (>= 5.1)
      json-jwt (~> 1.5)
    lti_outbound (0.0.1)
      i18n
      oauth
    multipart (0.0.1)
      canvas_slug
      mime-types (~> 3.2)
    paginated_collection (1.0.0)
      folio-pagination (~> 0.0.12)
      will_paginate (~> 3.0)
    stringify_ids (1.0.0)
    twitter (1.0.0)
      html_text_helper
      oauth
    utf8_cleaner (0.0.1)
      iconv (~> 1.0)
    workflow (0.0.1)
      rails (>= 3.2)

GEM
  remote: https://rubygems.org/
  specs:
    academic_benchmarks (0.0.11)
      activesupport (>= 3.2.22, < 6.1)
      httparty (~> 0.13)
    actioncable (5.2.3)
      actionpack (= 5.2.3)
      nio4r (~> 2.0)
      websocket-driver (>= 0.6.1)
    actionmailer (5.2.3)
      actionpack (= 5.2.3)
      actionview (= 5.2.3)
      activejob (= 5.2.3)
      mail (~> 2.5, >= 2.5.4)
      rails-dom-testing (~> 2.0)
    actionpack (5.2.3)
      actionview (= 5.2.3)
      activesupport (= 5.2.3)
      rack (~> 2.0)
      rack-test (>= 0.6.3)
      rails-dom-testing (~> 2.0)
      rails-html-sanitizer (~> 1.0, >= 1.0.2)
    actionview (5.2.3)
      activesupport (= 5.2.3)
      builder (~> 3.1)
      erubi (~> 1.4)
      rails-dom-testing (~> 2.0)
      rails-html-sanitizer (~> 1.0, >= 1.0.3)
    active_model-better_errors (1.6.7)
      activemodel (>= 3.0)
    activejob (5.2.3)
      activesupport (= 5.2.3)
      globalid (>= 0.3.6)
    activemodel (5.2.3)
      activesupport (= 5.2.3)
    activerecord (5.2.3)
      activemodel (= 5.2.3)
      activesupport (= 5.2.3)
      arel (>= 9.0)
    activestorage (5.2.3)
      actionpack (= 5.2.3)
      activerecord (= 5.2.3)
      marcel (~> 0.3.1)
    activesupport (5.2.3)
      concurrent-ruby (~> 1.0, >= 1.0.2)
      i18n (>= 0.7, < 2)
      minitest (~> 5.1)
      tzinfo (~> 1.1)
    addressable (2.7.0)
      public_suffix (>= 2.0.2, < 5.0)
    adobe_connect (1.0.8)
      activesupport (>= 2.3.17)
      nokogiri (>= 1.5.5, < 1.11)
      rake (>= 0.9.2)
    aes_key_wrap (1.0.1)
    after_transaction_commit (2.0.0)
      activerecord (>= 5.0)
    arel (9.0.0)
    aroi (0.0.7)
      rails (>= 3.2)
    ast (2.4.0)
    authlogic (5.0.4)
      activemodel (>= 5.2, < 6.1)
      activerecord (>= 5.2, < 6.1)
      activesupport (>= 5.2, < 6.1)
      request_store (~> 1.0)
      scrypt (>= 1.2, < 4.0)
    autoparse (0.3.3)
      addressable (>= 2.3.1)
      extlib (>= 0.9.15)
      multi_json (>= 1.0.0)
    awesome_print (1.8.0)
    aws-eventstream (1.1.0)
    aws-partitions (1.279.0)
    aws-sdk-applicationautoscaling (1.36.0)
      aws-sdk-core (~> 3, >= 3.71.0)
      aws-sigv4 (~> 1.1)
    aws-sdk-autoscaling (1.32.0)
      aws-sdk-core (~> 3, >= 3.71.0)
      aws-sigv4 (~> 1.1)
    aws-sdk-core (3.90.1)
      aws-eventstream (~> 1.0, >= 1.0.2)
      aws-partitions (~> 1, >= 1.239.0)
      aws-sigv4 (~> 1.1)
      jmespath (~> 1.0)
    aws-sdk-dynamodb (1.44.0)
      aws-sdk-core (~> 3, >= 3.71.0)
      aws-sigv4 (~> 1.1)
    aws-sdk-kinesis (1.20.0)
      aws-sdk-core (~> 3, >= 3.71.0)
      aws-sigv4 (~> 1.1)
    aws-sdk-kms (1.29.0)
      aws-sdk-core (~> 3, >= 3.71.0)
      aws-sigv4 (~> 1.1)
    aws-sdk-s3 (1.60.2)
      aws-sdk-core (~> 3, >= 3.83.0)
      aws-sdk-kms (~> 1)
      aws-sigv4 (~> 1.1)
    aws-sdk-sns (1.21.0)
      aws-sdk-core (~> 3, >= 3.71.0)
      aws-sigv4 (~> 1.1)
    aws-sdk-sqs (1.23.1)
      aws-sdk-core (~> 3, >= 3.71.0)
      aws-sigv4 (~> 1.1)
    aws-sigv4 (1.1.1)
      aws-eventstream (~> 1.0, >= 1.0.2)
    barby (0.6.8)
    bcrypt (3.1.13)
    bindata (2.4.7)
    bluecloth (2.2.0)
    brakeman (4.8.1)
    brotli (0.2.3)
    browser (4.0.0)
    builder (3.2.4)
    byebug (11.1.1)
    canvas_connect (0.3.11)
      adobe_connect (~> 1.0.0)
      rake (>= 0.9.6)
    canvas_webex (0.17)
      railties
    childprocess (3.0.0)
    chunky_png (1.3.11)
    colored (1.2)
    colorize (0.8.1)
    concurrent-ruby (1.1.6)
    crack (0.4.3)
      safe_yaml (~> 1.0.0)
    crass (1.0.6)
    crocodoc-ruby (0.0.1)
      json
    database_cleaner (1.8.4)
    ddtrace (0.33.1)
      msgpack
    diff-lcs (1.3)
    digest-murmurhash (1.1.1)
    docile (1.1.5)
    dogstatsd-ruby (4.7.0)
    domain_name (0.5.20190701)
      unf (>= 0.0.5, < 1.0.0)
    dotenv (2.7.5)
    dress_code (1.2.0)
      colored
      mustache
      pygments.rb
      redcarpet
    ecma-re-validator (0.2.1)
      regexp_parser (~> 1.2)
    encrypted_cookie_store-instructure (1.2.9)
      actionpack (>= 4.2, < 6.1)
    erubi (1.9.0)
    escape_code (0.2)
    et-orbi (1.2.2)
      tzinfo
    extlib (0.9.16)
    faraday (0.15.4)
      multipart-post (>= 1.2, < 3)
    faraday_middleware (0.14.0)
      faraday (>= 0.7.4, < 1.0)
    ffi (1.12.2)
    ffi-compiler (1.0.1)
      ffi (>= 1.0.0)
      rake
    ffi-icu (0.2.0)
      ffi (~> 1.0, >= 1.0.9)
    filelock (1.1.1)
    find_a_port (1.0.1)
    flakey_spec_catcher (0.9.5)
      rspec (~> 3.8)
    folio-pagination (0.0.12)
    fugit (1.3.3)
      et-orbi (~> 1.1, >= 1.1.8)
      raabro (~> 1.1)
    gepub (1.0.11)
      nokogiri (>= 1.8.2, < 1.11)
      rubyzip (> 1.1.1, < 2.3)
    globalid (0.4.2)
      activesupport (>= 4.2.0)
    globby (0.1.2)
    google-api-client (0.8.2)
      activesupport (>= 3.2)
      addressable (~> 2.3)
      autoparse (~> 0.3)
      extlib (~> 0.9)
      faraday (~> 0.9)
      launchy (~> 2.4)
      multi_json (~> 1.10)
      retriable (~> 1.4)
      signet (~> 0.6)
    graphql (1.9.17)
    graphql-batch (0.4.2)
      graphql (>= 1.3, < 2)
      promise.rb (~> 0.7.2)
    hana (1.3.5)
    hashdiff (1.0.1)
    hashery (2.1.2)
    headless (2.3.1)
    highline (2.0.3)
    http-accept (1.7.0)
    http-cookie (1.0.3)
      domain_name (~> 0.5)
    httparty (0.18.0)
      mime-types (~> 3.0)
      multi_xml (>= 0.5.2)
    httpclient (2.8.3)
    i18n (1.8.2)
      concurrent-ruby (~> 1.0)
    i18nliner (0.1.2)
      activesupport (>= 3.0)
      erubi (~> 1.7)
      globby (>= 0.1.1)
      nokogiri (>= 1.5.0)
      ruby2ruby (~> 2.4)
      ruby_parser (~> 3.10)
      sexp_processor (~> 4.10)
      ya2yaml (= 0.31)
    icalendar (2.6.1)
      ice_cube (~> 0.16)
    ice_cube (0.16.3)
    iconv (1.0.8)
    imperium (0.5.2)
      addressable (~> 2.5)
      httpclient (~> 2.8)
    ims-lti (2.3.0)
      addressable (~> 2.5, >= 2.5.1)
      builder (~> 3.2)
      faraday (~> 0.8)
      faraday_middleware (~> 0.8)
      json-jwt (~> 1.7)
      simple_oauth (~> 0.3.1)
    inst-jobs (0.15.20)
      activerecord (>= 4.2)
      activesupport (>= 4.2)
      after_transaction_commit (>= 1.0, < 3)
      fugit (~> 1.3)
      railties (>= 4.2)
      redis (> 3.0)
      redis-scripting (~> 1.0.1)
    inst-jobs-autoscaling (1.0.5)
      aws-sdk-autoscaling
      inst-jobs (>= 0.15.2)
    inst-jobs-statsd (1.3.2)
      inst-jobs (>= 0.15, < 0.16)
      inst_statsd (>= 2.1.2, < 3.0)
    inst_statsd (2.1.6)
      aroi (~> 0.0.7)
      dogstatsd-ruby (~> 4.2)
      statsd-ruby (~> 1.0)
    instructure-happymapper (0.5.10)
      nokogiri (~> 1.5)
    iso8601 (0.12.1)
    jira_ref_parser (1.0.1)
    jmespath (1.4.0)
    json (2.3.0)
    json-jwt (1.11.0)
      activesupport (>= 4.2)
      aes_key_wrap
      bindata
    json_schemer (0.2.10)
      ecma-re-validator (~> 0.2)
      hana (~> 1.3)
      regexp_parser (~> 1.5)
      uri_template (~> 0.7)
    jwt (2.2.1)
    launchy (2.5.0)
      addressable (~> 2.7)
    letter_opener (1.7.0)
      launchy (~> 2.2)
    link_header (0.0.8)
    loofah (2.3.0)
      crass (~> 1.0.2)
      nokogiri (>= 1.5.9)
    luminosity_contrast (0.2.1)
    mail (2.7.1)
      mini_mime (>= 0.1.1)
    marcel (0.3.3)
      mimemagic (~> 0.3.2)
    marginalia (1.8.0)
      actionpack (>= 2.3)
      activerecord (>= 2.3)
    method_source (1.0.0)
    mime-types (3.3.1)
      mime-types-data (~> 3.2015)
    mime-types-data (3.2019.1009)
    mimemagic (0.3.4)
    mini_magick (4.10.1)
    mini_mime (1.0.2)
    mini_portile2 (2.4.0)
    minitest (5.14.0)
    moodle2cc (0.2.41)
      builder
      instructure-happymapper (~> 0.5.10)
      nokogiri
      rdiscount
      rubyzip (>= 1.0.0)
      thor
    msgpack (1.3.3)
    multi_json (1.14.1)
    multi_xml (0.6.0)
    multipart-post (2.1.1)
    mustache (1.1.1)
    net-ldap (0.16.2)
    netrc (0.11.0)
    nio4r (2.5.2)
    nokogiri (1.10.9)
      mini_portile2 (~> 2.4.0)
    nokogiri-xmlsec-instructure (0.9.6)
      nokogiri
    oauth (0.5.4)
    oauth2 (1.4.4)
      faraday (>= 0.8, < 2.0)
      jwt (>= 1.0, < 3.0)
      multi_json (~> 1.3)
      multi_xml (~> 0.5)
      rack (>= 1.2, < 3)
    oj (3.10.5)
    once-ler (0.1.4)
      activerecord (>= 4.0)
      rspec (>= 3.0)
    open4 (1.3.4)
    pact (1.49.0)
      pact-mock_service (~> 3.0, >= 3.3.1)
      pact-support (~> 1.9)
      rack-test (>= 0.6.3, < 2.0.0)
      rspec (~> 3.0)
      term-ansicolor (~> 1.0)
      thor (~> 0.20)
      webrick (~> 1.3)
    pact-messages (0.2.0)
      pact (~> 1.9)
    pact-mock_service (3.5.0)
      filelock (~> 1.1)
      find_a_port (~> 1.0.1)
      json
      pact-support (~> 1.12, >= 1.12.0)
      rack (~> 2.0)
      rspec (>= 2.14)
      term-ansicolor (~> 1.0)
      thor (~> 0.19)
      webrick (~> 1.3)
    pact-support (1.14.3)
      awesome_print (~> 1.1)
      randexp (~> 0.1.7)
      rspec (>= 2.14)
      term-ansicolor (~> 1.0)
    pact_broker-client (1.25.0)
      httparty
      json
      rake
      table_print (~> 1.5)
      term-ansicolor
      thor (~> 0.20)
    parallel (1.19.1)
    parallel_tests (2.32.0)
      parallel
    parser (2.7.1.1)
      ast (~> 2.4.0)
    pdf-core (0.7.0)
    pg (1.2.2)
    powerpack (0.1.2)
    prawn (2.2.2)
      pdf-core (~> 0.7.0)
      ttfunk (~> 1.5)
    prawn-rails (1.3.0)
      prawn
      prawn-table
      rails (>= 3.1.0)
    prawn-table (0.2.2)
      prawn (>= 1.3.0, < 3.0.0)
    promise.rb (0.7.4)
    public_suffix (4.0.4)
    puma (4.3.3)
      nio4r (~> 2.0)
    pygments.rb (1.2.1)
      multi_json (>= 1.0.0)
    raabro (1.1.6)
    rack (2.2.2)
    rack-test (1.1.0)
      rack (>= 1.0, < 3)
    rails (5.2.3)
      actioncable (= 5.2.3)
      actionmailer (= 5.2.3)
      actionpack (= 5.2.3)
      actionview (= 5.2.3)
      activejob (= 5.2.3)
      activemodel (= 5.2.3)
      activerecord (= 5.2.3)
      activestorage (= 5.2.3)
      activesupport (= 5.2.3)
      bundler (>= 1.3.0)
      railties (= 5.2.3)
      sprockets-rails (>= 2.0.0)
    rails-controller-testing (1.0.4)
      actionpack (>= 5.0.1.x)
      actionview (>= 5.0.1.x)
      activesupport (>= 5.0.1.x)
    rails-dom-testing (2.0.3)
      activesupport (>= 4.2.0)
      nokogiri (>= 1.6)
    rails-html-sanitizer (1.3.0)
      loofah (~> 2.3)
    rails-observers (0.1.5)
      activemodel (>= 4.0)
    railties (5.2.3)
      actionpack (= 5.2.3)
      activesupport (= 5.2.3)
      method_source
      rake (>= 0.8.7)
      thor (>= 0.19.0, < 2.0)
    rainbow (3.0.0)
    rake (13.0.1)
    randexp (0.1.7)
    ratom-nokogiri (0.10.8)
      nokogiri (>= 1.5.6, < 1.11)
    rdiscount (2.2.0.1)
    redcarpet (3.5.0)
    redis (4.1.3)
    redis-scripting (1.0.1)
      redis (>= 3.0)
    regexp_parser (1.7.0)
    request_store (1.5.0)
      rack (>= 1.4)
    rest-client (2.1.0)
      http-accept (>= 1.7.0, < 2.0)
      http-cookie (>= 1.0.2, < 2.0)
      mime-types (>= 1.16, < 4.0)
      netrc (~> 0.8)
    retriable (1.4.1)
    ritex (1.0.1)
    rotp (5.1.0)
      addressable (~> 2.5)
    rqrcode (1.1.2)
      chunky_png (~> 1.0)
      rqrcode_core (~> 0.1)
    rqrcode_core (0.1.2)
    rspec (3.9.0)
      rspec-core (~> 3.9.0)
      rspec-expectations (~> 3.9.0)
      rspec-mocks (~> 3.9.0)
    rspec-collection_matchers (1.2.0)
      rspec-expectations (>= 2.99.0.beta1)
    rspec-core (3.9.1)
      rspec-support (~> 3.9.1)
    rspec-expectations (3.9.0)
      diff-lcs (>= 1.2.0, < 2.0)
      rspec-support (~> 3.9.0)
    rspec-mocks (3.9.1)
      diff-lcs (>= 1.2.0, < 2.0)
      rspec-support (~> 3.9.0)
    rspec-rails (3.9.0)
      actionpack (>= 3.0)
      activesupport (>= 3.0)
      railties (>= 3.0)
      rspec-core (~> 3.9.0)
      rspec-expectations (~> 3.9.0)
      rspec-mocks (~> 3.9.0)
      rspec-support (~> 3.9.0)
    rspec-support (3.9.2)
    rspec_around_all (0.2.0)
      rspec (>= 2.0)
    rubocop (0.52.1)
      parallel (~> 1.10)
      parser (>= 2.4.0.2, < 3.0)
      powerpack (~> 0.1)
      rainbow (>= 2.2.2, < 4.0)
      ruby-progressbar (~> 1.7)
      unicode-display_width (~> 1.0, >= 1.0.1)
    rubocop-rspec (1.22.2)
      rubocop (>= 0.52.1)
    ruby-duration (3.2.3)
      activesupport (>= 3.0.0)
      i18n
      iso8601
    ruby-progressbar (1.10.1)
    ruby2ruby (2.4.4)
      ruby_parser (~> 3.1)
      sexp_processor (~> 4.6)
    ruby_parser (3.14.2)
      sexp_processor (~> 4.9)
    rubycas-client (2.3.9)
      activesupport
    rubyzip (2.2.0)
    safe_yaml (1.0.5)
    saml2 (3.0.8)
      activesupport (>= 3.2, < 6.1)
      nokogiri (>= 1.5.8, < 1.11)
      nokogiri-xmlsec-instructure (~> 0.9, >= 0.9.5)
    sanitize (2.1.1)
      nokogiri (>= 1.4.4)
    sauce_whisk (0.2.2)
      json
      rest-client (~> 2.0)
    scrypt (3.0.7)
      ffi-compiler (>= 1.0, < 2.0)
    selenium-webdriver (3.142.7)
      childprocess (>= 0.5, < 4.0)
      rubyzip (>= 1.2.2)
    sentry-raven (2.13.0)
      faraday (>= 0.7.6, < 1.0)
    sexp_processor (4.14.1)
    shackles (1.4.2)
      activerecord (>= 4.0, < 6.1)
      railties (>= 4.0, < 6.1)
    shoulda-matchers (4.3.0)
      activesupport (>= 4.2.0)
    signet (0.12.0)
      addressable (~> 2.3)
      faraday (~> 0.9)
      jwt (>= 1.5, < 3.0)
      multi_json (~> 1.10)
    simple_oauth (0.3.1)
    simple_uuid (0.4.0)
    simplecov (0.15.1)
      docile (~> 1.1.0)
      json (>= 1.8, < 3)
      simplecov-html (~> 0.10.0)
    simplecov-html (0.10.2)
    simplecov-rcov (0.2.3)
      simplecov (>= 0.4.1)
    soap4r-middleware (0.8.7)
      soap4r-ruby1.9 (= 2.0.5)
    soap4r-ruby1.9 (2.0.5)
    spring (2.1.0)
    spring-commands-rspec (1.0.4)
      spring (>= 0.9.1)
    sprockets (3.7.2)
      concurrent-ruby (~> 1.0)
      rack (> 1, < 3)
    sprockets-rails (3.2.1)
      actionpack (>= 4.0)
      activesupport (>= 4.0)
      sprockets (>= 3.0.0)
    statsd-ruby (1.4.0)
    switchman (1.14.9)
      activerecord (>= 5.0, < 6.1)
      open4 (~> 1.3.0)
      railties (>= 5.0, < 6.1)
      shackles (~> 1.4.2)
    switchman-inst-jobs (1.3.7)
      inst-jobs (>= 0.12.1, < 0.16)
      railties (>= 4.2, < 6.1)
      switchman (>= 1.9.7, < 1.15)
    sync (0.5.0)
    table_print (1.5.6)
    term-ansicolor (1.7.1)
      tins (~> 1.0)
    testingbot (0.2.1)
      json
      rest-client (~> 2.0)
    testrail_client (0.0.1)
    testrailtagging (0.3.8.7)
      parser
      rspec
      testrail_client
    thor (0.20.3)
    thread_safe (0.3.6)
    thrift (0.9.3.0)
    timecop (0.9.1)
    tins (1.24.1)
      sync
    ttfunk (1.6.2.1)
    twilio-ruby (5.31.1)
      faraday (~> 0.9)
      jwt (>= 1.5, <= 2.5)
      nokogiri (>= 1.6, < 2.0)
    tzinfo (1.2.5)
      thread_safe (~> 0.1)
    unf (0.1.4)
      unf_ext
    unf_ext (0.0.7.7)
    unicode-display_width (1.7.0)
    uri_template (0.7.0)
    vault (0.13.0)
      aws-sigv4
    vericite_api (1.5.3)
      json (>= 1.4.6)
    webdrivers (4.2.0)
      nokogiri (~> 1.6)
      rubyzip (>= 1.3.0)
      selenium-webdriver (>= 3.0, < 4.0)
    webmock (3.8.2)
      addressable (>= 2.3.6)
      crack (>= 0.3.2)
      hashdiff (>= 0.4.0, < 2.0.0)
    webrick (1.6.0)
    websocket-driver (0.7.1)
      websocket-extensions (>= 0.1.0)
    websocket-extensions (0.1.4)
    will_paginate (3.3.0)
    ya2yaml (0.31)
    yard (0.9.24)
    yard-appendix (0.1.8)
      yard (>= 0.8.0)

PLATFORMS
  ruby

DEPENDENCIES
  academic_benchmark!
  academic_benchmarks (= 0.0.11)
  account_reports!
  active_model-better_errors (= 1.6.7)
  active_model_serializers (= 0.9.0alpha1)!
  activesupport-suspend_callbacks!
  acts_as_list!
  addressable (= 2.7.0)
  adheres_to_policy!
  adobe_connect (= 1.0.8)
  after_transaction_commit (= 2.0.0)
  aroi (= 0.0.7)
  attachment_fu!
  authlogic (= 5.0.4)
  autoextend!
  aws-partitions (= 1.279.0)
  aws-sdk-autoscaling (= 1.32.0)
  aws-sdk-core (= 3.90.1)
  aws-sdk-dynamodb (= 1.44.0)
  aws-sdk-kinesis (= 1.20.0)
  aws-sdk-kms (= 1.29.0)
  aws-sdk-s3 (= 1.60.2)
  aws-sdk-sns (= 1.21.0)
  aws-sdk-sqs (= 1.23.1)
  aws-sigv4 (= 1.1.1)
  barby (= 0.6.8)
  bcrypt (= 3.1.13)
  bluecloth (= 2.2.0)
  bookmarked_collection!
  brakeman
  broadcast_policy!
  brotli (= 0.2.3)
  browser (= 4.0.0)
  builder (= 3.2.4)
  bundler (>= 1.13.3, <= 2.1.4)
  byebug (= 11.1.1)
  canvas_breach_mitigation!
  canvas_cassandra!
  canvas_color!
  canvas_connect (= 0.3.11)
  canvas_crummy!
  canvas_dynamodb!
  canvas_ext!
  canvas_http!
  canvas_kaltura!
  canvas_mimetype_fu!
  canvas_panda_pub!
  canvas_partman!
  canvas_quiz_statistics!
  canvas_sanitize!
  canvas_slug!
  canvas_sort!
  canvas_stringex!
  canvas_text_helper!
  canvas_time!
  canvas_unzip!
  canvas_webex (= 0.17)
  cassandra-cql (= 1.2.3)!
  childprocess (= 3.0.0)
  chunky_png (= 1.3.11)
  colored (= 1.2)
  colorize (= 0.8.1)
  crack (= 0.4.3)
  crocodoc-ruby (= 0.0.1)
  database_cleaner (~> 1.5, >= 1.5.3)
  ddtrace (= 0.33.1)
  digest-murmurhash (= 1.1.1)
  diigo!
  docile (= 1.1.5)
  dogstatsd-ruby (= 4.7.0)
  dotenv (= 2.7.5)
  dress_code (= 1.2.0)
  encrypted_cookie_store-instructure (= 1.2.9)
  escape_code (= 0.2)
  et-orbi (= 1.2.2)
  event_stream!
  ffi (= 1.12.2)
  ffi-icu (= 0.2.0)
  flakey_spec_catcher
  folio-pagination (= 0.0.12)
  fugit (= 1.3.3)
  gepub (= 1.0.11)
  google_drive!
  graphql (= 1.9.17)
  graphql-batch (= 0.4.2)
  hashery (= 2.1.2)
  headless (= 2.3.1)
  highline (= 2.0.3)
  html_text_helper!
  httparty (= 0.18.0)
  i18n (= 1.8.2)
  i18n_extraction!
  i18n_tasks!
  i18nliner (= 0.1.2)
  icalendar (= 2.6.1)
  imperium (= 0.5.2)
  ims-lti (= 2.3.0)
  incoming_mail_processor!
  inst-jobs (= 0.15.20)
  inst-jobs-autoscaling (= 1.0.5)
  inst-jobs-statsd (= 1.3.2)
  inst_statsd (= 2.1.6)
  jira_ref_parser (= 1.0.1)
  json (= 2.3.0)
  json-jwt (= 1.11.0)
  json_schemer (= 0.2.10)
  json_token!
  letter_opener (= 1.7.0)
  link_header (= 0.0.8)
  linked_in!
  live_events!
  loofah (= 2.3.0)
  lti-advantage!
  lti_outbound!
  luminosity_contrast (= 0.2.1)
  mail (= 2.7.1)
  marginalia (= 1.8.0)
  mime-types (= 3.3.1)
  mini_magick (= 4.10.1)
  mini_mime (= 1.0.2)
  moodle_importer!
  multi_json (= 1.14.1)
  multipart!
  mustache (= 1.1.1)
  net-ldap (= 0.16.2)
  nokogiri (= 1.10.9)
  nokogiri-xmlsec-instructure (= 0.9.6)
  oauth (= 0.5.4)
  oauth2 (= 1.4.4)
  oj (= 3.10.5)
  once-ler (= 0.1.4)
  open4 (= 1.3.4)
  pact (= 1.49.0)
  pact-messages (= 0.2.0)
  pact-mock_service (= 3.5.0)
  pact_broker-client (= 1.25.0)
  paginated_collection!
  parallel (= 1.19.1)
  parallel_tests
  pg (= 1.2.2)
  prawn-rails (= 1.3.0)
  puma (= 4.3.3)
  pygments.rb (= 1.2.1)
  qti_exporter!
  rack (= 2.2.2)
  rack-test (= 1.1.0)
  rails (= 5.2.3)
  rails-controller-testing (= 1.0.4)
  rails-dom-testing (= 2.0.3)
  rails-observers (= 0.1.5)
  rainbow (= 3.0.0)
  rake (= 13.0.1)
  ratom-nokogiri (= 0.10.8)
  rdiscount (= 2.2.0.1)
  redcarpet (= 3.5.0)
  redis (= 4.1.3)
  redis-scripting (= 1.0.1)
  respondus_soap_endpoint!
  retriable (= 1.4.1)
  ritex (= 1.0.1)
  rotp (= 5.1.0)
  rqrcode (= 1.1.2)
  rspec (= 3.9.0)
  rspec-collection_matchers (= 1.2.0)
  rspec-expectations (= 3.9.0)
  rspec-mocks (= 3.9.1)
  rspec-rails (= 3.9.0)
  rspec-support (= 3.9.2)
  rspec_around_all (= 0.2.0)
  rubocop (= 0.52.1)
  rubocop-canvas!
  rubocop-rspec (= 1.22.2)
  ruby-duration (= 3.2.3)
  ruby-progressbar (= 1.10.1)
  ruby2ruby (= 2.4.4)
  ruby_parser (= 3.14.2)
  rubycas-client (= 2.3.9)
  rubyzip (= 2.2.0)
  safe_yaml (= 1.0.5)
  saml2 (= 3.0.8)
  sanitize (= 2.1.1)
  sauce_whisk (= 0.2.2)
  scrypt (= 3.0.7)
  selenium-webdriver (= 3.142.7)
  selinimum (= 0.0.1)!
  sentry-raven (= 2.13.0)
  shackles (= 1.4.2)
  shoulda-matchers (= 4.3.0)
  simple_oauth (= 0.3.1)
  simple_uuid (= 0.4.0)
  simplecov (= 0.15.1)
  simplecov-rcov (= 0.2.3)
  simply_versioned!
  spring (= 2.1.0)
  spring-commands-rspec (= 1.0.4)
  sprockets (= 3.7.2)
  statsd-ruby (= 1.4.0)
  stringify_ids!
  switchman (= 1.14.9)
  switchman-inst-jobs (= 1.3.7)
  test-queue!
  testingbot
  testrailtagging (= 0.3.8.7)
  thrift (= 0.9.3.0)
  thrift_client (= 0.9.3)!
  timecop (= 0.9.1)
  twilio-ruby (= 5.31.1)
  twitter!
  tzinfo (= 1.2.5)
  utf8_cleaner!
  vault (= 0.13.0)
  vericite_api (= 1.5.3)
  webdrivers (= 4.2.0)
  webmock (= 3.8.2)
  will_paginate (= 3.3.0)
  workflow!
  yard (= 0.9.24)
  yard-appendix (= 0.1.8)

RUBY VERSION
   ruby 2.6.5p114

BUNDLED WITH
   2.1.0
